PATH
  remote: .
  specs:
    crm114_native (1.0)

GEM
  remote: https://rubygems.org/
  specs:
    power_assert (0.2.2)
    rake (10.4.2)
    rake-compiler (0.9.5)
      rake
    test-unit (3.0.8)
      power_assert

PLATFORMS
  ruby

DEPENDENCIES
  crm114_native!
  rake-compiler
  test-unit
